GEM
  remote: https://rubygems.org/
  specs:
    coderay (1.1.1)
    daemons (1.2.4)
    eventmachine (1.2.3)
    faye-websocket (0.10.7)
      eventmachine (>= 0.12.0)
      websocket-driver (>= 0.5.1)
    method_source (0.8.2)
    pry (0.10.4)
      coderay (~> 1.1.0)
      method_source (~> 0.8.1)
      slop (~> 3.4)
    rack (1.6.5)
    rack-protection (1.5.3)
      rack
    sinatra (1.4.8)
      rack (~> 1.5)
      rack-protection (~> 1.4)
      tilt (>= 1.3, < 3)
    slop (3.6.0)
    thin (1.7.0)
      daemons (~> 1.0, >= 1.0.9)
      eventmachine (~> 1.0, >= 1.0.4)
      rack (>= 1, < 3)
    tilt (2.0.7)
    webrick (1.3.1)
    websocket (1.2.4)
    websocket-driver (0.6.5)
      websocket-extensions (>= 0.1.0)
    websocket-eventmachine-base (1.2.0)
      eventmachine (~> 1.0)
      websocket (~> 1.0)
      websocket-native (~> 1.0)
    websocket-eventmachine-server (1.0.1)
      websocket-eventmachine-base (~> 1.0)
    websocket-extensions (0.1.2)
    websocket-native (1.0.0)

PLATFORMS
  ruby

DEPENDENCIES
  faye-websocket
  pry
  rack
  sinatra
  thin
  webrick
  websocket-eventmachine-server

BUNDLED WITH
   1.13.6
